GEM
  remote: https://rubygems.org/
  specs:
    puma (3.6.0)
    rack (2.0.1)
    sequel (4.37.0)
    sqlite3 (1.3.12)

PLATFORMS
  ruby

DEPENDENCIES
  puma
  rack
  sequel
  sqlite3

RUBY VERSION
   ruby 2.3.1p112

BUNDLED WITH
   1.13.1
